GEM
  remote: http://rubygems.org/
  specs:
    daemons (1.1.4)
    eventmachine (0.12.10)
    minitest (2.6.1)
    rack (1.3.4)
    rack-test (0.6.1)
      rack (>= 1.0)
    thin (1.2.11)
      daemons (>= 1.0.9)
      eventmachine (>= 0.12.6)
      rack (>= 1.0.0)
    thin-async-test (1.0.0)
    thin_async (0.1.1)
      thin (>= 1.2.1)
    yajl-ruby (1.0.0)

PLATFORMS
  ruby

DEPENDENCIES
  minitest
  rack
  rack-test
  thin-async-test
  thin_async
  yajl-ruby
